GEM
  remote: https://rubygems.org/
  specs:
    childprocess (4.1.0)
    mini_portile2 (2.8.0)
    nokogiri (1.13.10)
      mini_portile2 (~> 2.8.0)
      racc (~> 1.4)
    racc (1.6.1)
    regexp_parser (2.6.0)
    rexml (3.2.5)
    rubyzip (2.3.2)
    selenium-webdriver (4.5.0)
      childprocess (>= 0.5, < 5.0)
      rexml (~> 3.2, >= 3.2.5)
      rubyzip (>= 1.2.2, < 3.0)
      websocket (~> 1.0)
    watir (6.19.1)
      regexp_parser (>= 1.2, < 3)
      selenium-webdriver (>= 3.142.7)
    webdrivers (5.2.0)
      nokogiri (~> 1.6)
      rubyzip (>= 1.3.0)
      selenium-webdriver (~> 4.0)
    websocket (1.2.9)

PLATFORMS
  ruby

DEPENDENCIES
  watir (~> 6.19.0)
  webdrivers (~> 5.2.0)

BUNDLED WITH
   2.1.4
